GEM
  remote: http://rubygems.org/
  specs:
    activesupport (3.2.11)
      i18n (~> 0.6)
      multi_json (~> 1.0)
    addressable (2.3.2)
    bourne (1.1.2)
      mocha (= 0.10.5)
    builder (3.1.4)
    dalli (2.6.2)
    diff-lcs (1.1.3)
    factory_girl (4.2.0)
      activesupport (>= 3.0.0)
    faraday (0.7.6)
      addressable (~> 2.2)
      multipart-post (~> 1.1)
      rack (~> 1.1)
    faraday_middleware (0.7.0)
      faraday (~> 0.7.3)
    haml (3.1.7)
    hashie (1.1.0)
    i18n (0.6.1)
    letsfreckle-client (0.2.1)
      faraday (~> 0.7.4)
      faraday_middleware (~> 0.7.0)
      hashie (~> 1.1.0)
      multi_xml (~> 0.2.0)
    metaclass (0.0.1)
    mocha (0.10.5)
      metaclass (~> 0.0.1)
    multi_json (1.5.0)
    multi_xml (0.2.2)
    multipart-post (1.1.5)
    pg (0.14.1)
    rack (1.5.0)
    rb-fsevent (0.9.3)
    rspec (2.12.0)
      rspec-core (~> 2.12.0)
      rspec-expectations (~> 2.12.0)
      rspec-mocks (~> 2.12.0)
    rspec-core (2.12.2)
    rspec-expectations (2.12.1)
      diff-lcs (~> 1.1.3)
    rspec-mocks (2.12.1)
    shoulda (3.3.2)
      shoulda-context (~> 1.0.1)
      shoulda-matchers (~> 1.4.1)
    shoulda-context (1.0.2)
    shoulda-matchers (1.4.2)
      activesupport (>= 3.0.0)
      bourne (~> 1.1.2)
    thor (0.17.0)

PLATFORMS
  ruby

DEPENDENCIES
  builder
  dalli
  factory_girl
  haml
  letsfreckle-client
  pg
  rb-fsevent
  rspec
  shoulda
  thor
